GIT
  remote: http://github.com/plataformatec/devise.git
  revision: 31edd76
  branch: omniauth
  specs:
    devise (1.2.rc)
      bcrypt-ruby (~> 2.1.2)
      orm_adapter (~> 0.0.2)
      warden (~> 1.0.0)

GEM
  remote: http://rubygems.org/
  specs:
    abstract (1.0.0)
    actionmailer (3.0.1)
      actionpack (= 3.0.1)
      mail (~> 2.2.5)
    actionpack (3.0.1)
      activemodel (= 3.0.1)
      activesupport (= 3.0.1)
      builder (~> 2.1.2)
      erubis (~> 2.6.6)
      i18n (~> 0.4.1)
      rack (~> 1.2.1)
      rack-mount (~> 0.6.12)
      rack-test (~> 0.5.4)
      tzinfo (~> 0.3.23)
    activemodel (3.0.1)
      activesupport (= 3.0.1)
      builder (~> 2.1.2)
      i18n (~> 0.4.1)
    activerecord (3.0.1)
      activemodel (= 3.0.1)
      activesupport (= 3.0.1)
      arel (~> 1.0.0)
      tzinfo (~> 0.3.23)
    activeresource (3.0.1)
      activemodel (= 3.0.1)
      activesupport (= 3.0.1)
    activesupport (3.0.1)
    addressable (2.2.1)
    arel (1.0.1)
      activesupport (~> 3.0.0)
    bcrypt-ruby (2.1.2)
    builder (2.1.2)
    em-websocket (0.1.4)
      addressable (>= 2.1.1)
      eventmachine (>= 0.12.9)
    erubis (2.6.6)
      abstract (>= 1.0.0)
    eventmachine (0.12.10)
    faraday (0.4.6)
      addressable (>= 2.1.1)
      rack (>= 1.0.1)
    i18n (0.4.2)
    mail (2.2.9)
      activesupport (>= 2.3.6)
      i18n (~> 0.4.1)
      mime-types (~> 1.16)
      treetop (~> 1.4.8)
    mime-types (1.16)
    multi_json (0.0.4)
    nokogiri (1.4.3.1)
    oa-core (0.1.5)
      rack (~> 1.1)
    oa-oauth (0.1.5)
      multi_json (~> 0.0.2)
      nokogiri (~> 1.4.2)
      oa-core (= 0.1.5)
      oauth (~> 0.4.0)
      oauth2 (~> 0.0.10)
    oauth (0.4.3)
    oauth2 (0.0.13)
      faraday (~> 0.4.1)
      multi_json (>= 0.0.4)
    orm_adapter (0.0.3)
    polyglot (0.3.1)
    rack (1.2.1)
    rack-mount (0.6.13)
      rack (>= 1.0.0)
    rack-test (0.5.6)
      rack (>= 1.0)
    rails (3.0.1)
      actionmailer (= 3.0.1)
      actionpack (= 3.0.1)
      activerecord (= 3.0.1)
      activeresource (= 3.0.1)
      activesupport (= 3.0.1)
      bundler (~> 1.0.0)
      railties (= 3.0.1)
    railties (3.0.1)
      actionpack (= 3.0.1)
      activesupport (= 3.0.1)
      rake (>= 0.8.4)
      thor (~> 0.14.0)
    rake (0.8.7)
    thor (0.14.3)
    treetop (1.4.8)
      polyglot (>= 0.3.1)
    tzinfo (0.3.23)
    warden (1.0.1)
      rack (>= 1.0.0)

PLATFORMS
  ruby

DEPENDENCIES
  devise!
  em-websocket (= 0.1.4)
  oa-oauth
  rails (= 3.0.1)
